GEM
  remote: https://rubygems.org/
  specs:
    cuba (3.9.2)
      rack (>= 1.6.0)
    json (2.1.0)
    mysql2 (0.5.2)
    rack (2.0.5)
    safe_yaml (1.0.4)

PLATFORMS
  ruby

DEPENDENCIES
  cuba (~> 3.9, >= 3.9.2)
  json
  mysql2 (~> 0.5.2)
  safe_yaml (~> 1.0, >= 1.0.4)

BUNDLED WITH
   1.16.6
